GIT
  remote: https://github.com/GovSciences/jqcloud-rails.git
  revision: 661a1a793a8162c5a45e5c23330cf199573eb150
  specs:
    jqcloud-rails (2.0.1)
      jquery-rails

GIT
  remote: https://github.com/xymist/declarative_authorization.git
  revision: 6c9bfdaac5ad2afa02816dadb1e576620c89da1e
  branch: allow_rails_6
  specs:
    declarative_authorization (1.3.0)
      rails (>= 4.1.0, < 6.1)
      ruby_parser (>= 3.6.6)

GEM
  remote: https://rubygems.org/
  specs:
    aasm (5.0.6)
      concurrent-ruby (~> 1.0)
    actioncable (6.0.4.8)
      actionpack (= 6.0.4.8)
      nio4r (~> 2.0)
      websocket-driver (>= 0.6.1)
    actionmailbox (6.0.4.8)
      actionpack (= 6.0.4.8)
      activejob (= 6.0.4.8)
      activerecord (= 6.0.4.8)
      activestorage (= 6.0.4.8)
      activesupport (= 6.0.4.8)
      mail (>= 2.7.1)
    actionmailer (6.0.4.8)
      actionpack (= 6.0.4.8)
      actionview (= 6.0.4.8)
      activejob (= 6.0.4.8)
      mail (~> 2.5, >= 2.5.4)
      rails-dom-testing (~> 2.0)
    actionpack (6.0.4.8)
      actionview (= 6.0.4.8)
      activesupport (= 6.0.4.8)
      rack (~> 2.0, >= 2.0.8)
      rack-test (>= 0.6.3)
      rails-dom-testing (~> 2.0)
      rails-html-sanitizer (~> 1.0, >= 1.2.0)
    actiontext (6.0.4.8)
      actionpack (= 6.0.4.8)
      activerecord (= 6.0.4.8)
      activestorage (= 6.0.4.8)
      activesupport (= 6.0.4.8)
      nokogiri (>= 1.8.5)
    actionview (6.0.4.8)
      activesupport (= 6.0.4.8)
      builder (~> 3.1)
      erubi (~> 1.4)
      rails-dom-testing (~> 2.0)
      rails-html-sanitizer (~> 1.1, >= 1.2.0)
    actionview-encoded_mail_to (1.0.9)
      rails
    activejob (6.0.4.8)
      activesupport (= 6.0.4.8)
      globalid (>= 0.3.6)
    activemodel (6.0.4.8)
      activesupport (= 6.0.4.8)
    activemodel-serializers-xml (1.0.2)
      activemodel (> 5.x)
      activesupport (> 5.x)
      builder (~> 3.1)
    activerecord (6.0.4.8)
      activemodel (= 6.0.4.8)
      activesupport (= 6.0.4.8)
    activerecord-postgis-adapter (6.0.3)
      activerecord (~> 6.0.0)
      rgeo-activerecord (~> 6.0)
    activestorage (6.0.4.8)
      actionpack (= 6.0.4.8)
      activejob (= 6.0.4.8)
      activerecord (= 6.0.4.8)
      marcel (~> 1.0.0)
    activesupport (6.0.4.8)
      concurrent-ruby (~> 1.0, >= 1.0.2)
      i18n (>= 0.7, < 2)
      minitest (~> 5.1)
      tzinfo (~> 1.1)
      zeitwerk (~> 2.2, >= 2.2.2)
    addressable (2.8.0)
      public_suffix (>= 2.0.2, < 5.0)
    annotate (3.2.0)
      activerecord (>= 3.2, < 8.0)
      rake (>= 10.4, < 14.0)
    ast (2.4.0)
    autoprefixer-rails (10.4.2.0)
      execjs (~> 2)
    bcrypt (3.1.13)
    better_errors (2.8.0)
      coderay (>= 1.0.0)
      erubi (>= 1.0.0)
      rack (>= 0.9.0)
    binding_of_caller (0.8.0)
      debug_inspector (>= 0.0.1)
    bootstrap (5.1.3)
      autoprefixer-rails (>= 9.1.0)
      popper_js (>= 2.9.3, < 3)
      sassc-rails (>= 2.0.0)
    browserify-rails (4.4.0)
      addressable (>= 2.4.0)
      railties (>= 4.0.0)
      sprockets (>= 3.6.0)
    builder (3.2.4)
    bullet (7.0.1)
      activesupport (>= 3.0.0)
      uniform_notifier (~> 1.11)
    byebug (11.0.1)
    capybara (3.15.1)
      addressable
      mini_mime (>= 0.1.3)
      nokogiri (~> 1.8)
      rack (>= 1.6.0)
      rack-test (>= 0.6.3)
      regexp_parser (~> 1.2)
      xpath (~> 3.2)
    chartkick (3.4.0)
    childprocess (3.0.0)
    chronic (0.10.2)
    cocoon (1.2.14)
    coderay (1.1.3)
    coffee-rails (5.0.0)
      coffee-script (>= 2.2.0)
      railties (>= 5.2.0)
    coffee-script (2.4.1)
      coffee-script-source
      execjs
    coffee-script-source (1.12.2)
    concurrent-ruby (1.1.9)
    crack (0.4.3)
      safe_yaml (~> 1.0.0)
    crass (1.0.6)
    daemons (1.3.1)
    database_cleaner (1.7.0)
    debug_inspector (0.0.3)
    devise (4.7.1)
      bcrypt (~> 3.0)
      orm_adapter (~> 0.1)
      railties (>= 4.1.0)
      responders
      warden (~> 1.2.3)
    devise-i18n (1.4.0)
      devise (>= 3.1)
    devise_invitable (2.0.1)
      actionmailer (>= 5.0)
      devise (>= 4.6)
    diff-lcs (1.3)
    dragonfly (1.4.0)
      addressable (~> 2.3)
      multi_json (~> 1.0)
      rack (>= 1.3)
    draper (3.1.0)
      actionpack (>= 5.0)
      activemodel (>= 5.0)
      activemodel-serializers-xml (>= 1.0)
      activesupport (>= 5.0)
      request_store (>= 1.0)
    dry-configurable (0.11.3)
      concurrent-ruby (~> 1.0)
      dry-core (~> 0.4, >= 0.4.7)
      dry-equalizer (~> 0.2)
    dry-container (0.7.2)
      concurrent-ruby (~> 1.0)
      dry-configurable (~> 0.1, >= 0.1.3)
    dry-core (0.4.9)
      concurrent-ruby (~> 1.0)
    dry-equalizer (0.3.0)
    dry-inflector (0.2.0)
    dry-logic (1.0.6)
      concurrent-ruby (~> 1.0)
      dry-core (~> 0.2)
      dry-equalizer (~> 0.2)
    dry-types (1.4.0)
      concurrent-ruby (~> 1.0)
      dry-container (~> 0.3)
      dry-core (~> 0.4, >= 0.4.4)
      dry-equalizer (~> 0.3)
      dry-inflector (~> 0.1, >= 0.1.2)
      dry-logic (~> 1.0, >= 1.0.2)
    email_reply_parser (0.5.10)
    email_spec (2.2.0)
      htmlentities (~> 4.3.3)
      launchy (~> 2.1)
      mail (~> 2.7)
    erubi (1.10.0)
    erubis (2.7.0)
    et-orbi (1.2.4)
      tzinfo
    eventmachine (1.2.7)
    excon (0.71.0)
    execjs (2.8.1)
    factory_bot (5.0.2)
      activesupport (>= 4.2.0)
    factory_bot_rails (5.0.2)
      factory_bot (~> 5.0.2)
      railties (>= 4.2.0)
    faraday (1.10.2)
      faraday-em_http (~> 1.0)
      faraday-em_synchrony (~> 1.0)
      faraday-excon (~> 1.1)
      faraday-httpclient (~> 1.0)
      faraday-multipart (~> 1.0)
      faraday-net_http (~> 1.0)
      faraday-net_http_persistent (~> 1.0)
      faraday-patron (~> 1.0)
      faraday-rack (~> 1.0)
      faraday-retry (~> 1.0)
      ruby2_keywords (>= 0.0.4)
    faraday-em_http (1.0.0)
    faraday-em_synchrony (1.0.0)
    faraday-excon (1.1.0)
    faraday-httpclient (1.0.1)
    faraday-multipart (1.0.4)
      multipart-post (~> 2)
    faraday-net_http (1.0.1)
    faraday-net_http_persistent (1.2.0)
    faraday-patron (1.0.0)
    faraday-rack (1.0.0)
    faraday-retry (1.0.3)
    ffi (1.15.5)
    flamegraph (0.9.5)
    font-awesome-rails (4.7.0.5)
      railties (>= 3.2, < 6.1)
    foreman (0.87.2)
    formtastic (3.1.5)
      actionpack (>= 3.2.13)
    fugit (1.3.5)
      et-orbi (~> 1.1, >= 1.1.8)
      raabro (~> 1.1)
    globalid (1.0.0)
      activesupport (>= 5.0)
    grape (1.3.0)
      activesupport
      builder
      dry-types (>= 1.1)
      mustermann-grape (~> 1.0.0)
      rack (>= 1.3.0)
      rack-accept
    grape-kaminari (0.1.9)
      grape
      kaminari
    grape-swagger (0.32.1)
      grape (>= 0.16.2)
    grape-swagger-rails (0.3.1)
      railties (>= 3.2.12)
    haml (5.1.2)
      temple (>= 0.8.0)
      tilt
    haml-rails (2.0.1)
      actionpack (>= 5.1)
      activesupport (>= 5.1)
      haml (>= 4.0.6, < 6.0)
      html2haml (>= 1.0.1)
      railties (>= 5.1)
    hashdiff (1.0.0)
    hashie (5.0.0)
    highline (2.0.2)
    hotwire-rails (0.1.3)
      rails (>= 6.0.0)
      stimulus-rails
      turbo-rails
    html2haml (2.2.0)
      erubis (~> 2.7.0)
      haml (>= 4.0, < 6)
      nokogiri (>= 1.6.0)
      ruby_parser (~> 3.5)
    html2text (0.2.1)
      nokogiri (~> 1.6)
    htmlentities (4.3.4)
    http_accept_language (2.1.1)
    i18n (1.10.0)
      concurrent-ruby (~> 1.0)
    icalendar (2.5.3)
      ice_cube (~> 0.16)
    ice_cube (0.16.3)
    jaro_winkler (1.5.3)
    jquery-rails (4.1.1)
      rails-dom-testing (>= 1, < 3)
      railties (>= 4.2.0)
      thor (>= 0.14, < 2.0)
    jquery-ui-rails (5.0.5)
      railties (>= 3.2.16)
    jwt (2.2.1)
    kaminari (1.2.1)
      activesupport (>= 4.1.0)
      kaminari-actionview (= 1.2.1)
      kaminari-activerecord (= 1.2.1)
      kaminari-core (= 1.2.1)
    kaminari-actionview (1.2.1)
      actionview
      kaminari-core (= 1.2.1)
    kaminari-activerecord (1.2.1)
      activerecord
      kaminari-core (= 1.2.1)
    kaminari-core (1.2.1)
    kaminari-grape (1.0.1)
      grape
      kaminari-core (~> 1.0)
    kaminari-i18n (0.5.0)
      kaminari
      rails
    launchy (2.4.3)
      addressable (~> 2.3)
    leaflet-rails (0.7.7)
    letter_opener (1.7.0)
      launchy (~> 2.2)
    lograge (0.11.2)
      actionpack (>= 4)
      activesupport (>= 4)
      railties (>= 4)
      request_store (~> 1.0)
    loofah (2.19.1)
      crass (~> 1.0.2)
      nokogiri (>= 1.5.9)
    mail (2.7.1)
      mini_mime (>= 0.1.1)
    map_layers (0.0.5)
    marcel (1.0.2)
    memory_profiler (0.9.14)
    method_source (0.9.2)
    mini_mime (1.1.2)
    mini_portile2 (2.8.0)
    minitest (5.15.0)
    mono_logger (1.1.1)
    multi_json (1.15.0)
    multi_xml (0.6.0)
    multipart-post (2.2.3)
    mustache (1.1.0)
    mustermann (1.1.2)
      ruby2_keywords (~> 0.0.1)
    mustermann-grape (1.0.1)
      mustermann (>= 1.0.0)
    nio4r (2.5.8)
    nokogiri (1.13.9)
      mini_portile2 (~> 2.8.0)
      racc (~> 1.4)
    normalizr (0.3.1)
    oauth (0.5.6)
    oauth2 (1.4.4)
      faraday (>= 0.8, < 2.0)
      jwt (>= 1.0, < 3.0)
      multi_json (~> 1.3)
      multi_xml (~> 0.5)
      rack (>= 1.2, < 3)
    omniauth (1.9.2)
      hashie (>= 3.4.6)
      rack (>= 1.6.2, < 3)
    omniauth-facebook (6.0.0)
      omniauth-oauth2 (~> 1.2)
    omniauth-oauth (1.1.0)
      oauth
      omniauth (~> 1.0)
    omniauth-oauth2 (1.6.0)
      oauth2 (~> 1.1)
      omniauth (~> 1.9)
    omniauth-rails_csrf_protection (0.1.2)
      actionpack (>= 4.2)
      omniauth (>= 1.3.1)
    omniauth-twitter (1.4.0)
      omniauth-oauth (~> 1.1)
      rack
    options (2.3.2)
    orm_adapter (0.5.0)
    parallel (1.17.0)
    parallel_tests (2.29.2)
      parallel
    paranoia (2.4.2)
      activerecord (>= 4.0, < 6.1)
    parser (2.6.4.0)
      ast (~> 2.4.0)
    pg (1.3.5)
    pg_query (1.2.0)
    pghero (2.7.0)
      activerecord (>= 5)
    popper_js (2.9.3)
    pr_geohash (1.0.0)
    progress_bar (1.3.0)
      highline (>= 1.6, < 3)
      options (~> 2.3.0)
    pry (0.12.2)
      coderay (~> 1.1.0)
      method_source (~> 0.9.0)
    pry-byebug (3.7.0)
      byebug (~> 11.0)
      pry (~> 0.10)
    pry-rails (0.3.9)
      pry (>= 0.10.4)
    public_suffix (4.0.7)
    raabro (1.3.1)
    racc (1.6.1)
    rack (2.2.4)
    rack-accept (0.4.5)
      rack (>= 0.4)
    rack-cache (1.9.0)
      rack (>= 0.4)
    rack-cors (1.0.5)
      rack (>= 1.6.0)
    rack-mini-profiler (2.3.3)
      rack (>= 1.2.0)
    rack-protection (2.2.1)
      rack
    rack-test (1.1.0)
      rack (>= 1.0, < 3)
    rails (6.0.4.8)
      actioncable (= 6.0.4.8)
      actionmailbox (= 6.0.4.8)
      actionmailer (= 6.0.4.8)
      actionpack (= 6.0.4.8)
      actiontext (= 6.0.4.8)
      actionview (= 6.0.4.8)
      activejob (= 6.0.4.8)
      activemodel (= 6.0.4.8)
      activerecord (= 6.0.4.8)
      activestorage (= 6.0.4.8)
      activesupport (= 6.0.4.8)
      bundler (>= 1.3.0)
      railties (= 6.0.4.8)
      sprockets-rails (>= 2.0.0)
    rails-controller-testing (1.0.4)
      actionpack (>= 5.0.1.x)
      actionview (>= 5.0.1.x)
      activesupport (>= 5.0.1.x)
    rails-dom-testing (2.0.3)
      activesupport (>= 4.2.0)
      nokogiri (>= 1.6)
    rails-html-sanitizer (1.4.3)
      loofah (~> 2.3)
    rails-i18n (7.0.3)
      i18n (>= 0.7, < 2)
      railties (>= 6.0.0, < 8)
    rails-observers (0.1.5)
      activemodel (>= 4.0)
    rails_autolink (1.1.6)
      rails (> 3.1)
    railties (6.0.4.8)
      actionpack (= 6.0.4.8)
      activesupport (= 6.0.4.8)
      method_source
      rake (>= 0.8.7)
      thor (>= 0.20.3, < 2.0)
    rainbow (3.0.0)
    rake (13.0.6)
    rakismet (1.5.4)
    ratelimit (1.0.3)
      redis (>= 2.0.0)
      redis-namespace (>= 1.0.0)
    rb-fsevent (0.11.1)
    rb-inotify (0.10.1)
      ffi (~> 1.0)
    redis (4.5.1)
    redis-namespace (1.8.2)
      redis (>= 3.0.4)
    regexp_parser (1.8.2)
    request_store (1.4.1)
      rack (>= 1.4)
    responders (3.0.1)
      actionpack (>= 5.0)
      railties (>= 5.0)
    resque (2.2.1)
      mono_logger (~> 1.0)
      multi_json (~> 1.0)
      redis-namespace (~> 1.6)
      sinatra (>= 0.9.2)
    resque-retry (1.7.3)
      resque (>= 1.25, < 3.0)
      resque-scheduler (~> 4.0)
    resque-rollbar (0.4.0)
      resque
      rollbar (>= 1.4)
    resque-scheduler (4.4.0)
      mono_logger (~> 1.0)
      redis (>= 3.3)
      resque (>= 1.26)
      rufus-scheduler (~> 3.2)
    retryable (3.0.4)
    rgeo (2.4.0)
    rgeo-activerecord (6.2.2)
      activerecord (>= 5.0)
      rgeo (>= 1.0.0)
    rgeo-geojson (2.1.1)
      rgeo (>= 1.0.0)
    rollbar (2.22.1)
    rsolr (2.5.0)
      builder (>= 2.1.2)
      faraday (>= 0.9, < 3, != 2.0.0)
    rspec-collection_matchers (1.1.3)
      rspec-expectations (>= 2.99.0.beta1)
    rspec-core (3.8.2)
      rspec-support (~> 3.8.0)
    rspec-expectations (3.8.4)
      diff-lcs (>= 1.2.0, < 2.0)
      rspec-support (~> 3.8.0)
    rspec-mocks (3.8.1)
      diff-lcs (>= 1.2.0, < 2.0)
      rspec-support (~> 3.8.0)
    rspec-rails (3.8.2)
      actionpack (>= 3.0)
      activesupport (>= 3.0)
      railties (>= 3.0)
      rspec-core (~> 3.8.0)
      rspec-expectations (~> 3.8.0)
      rspec-mocks (~> 3.8.0)
      rspec-support (~> 3.8.0)
    rspec-support (3.8.2)
    rubocop (0.74.0)
      jaro_winkler (~> 1.5.1)
      parallel (~> 1.10)
      parser (>= 2.6)
      rainbow (>= 2.2.2, < 4.0)
      ruby-progressbar (~> 1.7)
      unicode-display_width (>= 1.4.0, < 1.7)
    rubocop-rails (2.3.2)
      rack (>= 1.1)
      rubocop (>= 0.72.0)
    rubocop-rspec (1.35.0)
      rubocop (>= 0.60.0)
    ruby-prof (0.18.0)
    ruby-progressbar (1.10.1)
    ruby2_keywords (0.0.5)
    ruby_parser (3.14.1)
      sexp_processor (~> 4.9)
    rubyzip (2.3.2)
    rufus-scheduler (3.6.0)
      fugit (~> 1.1, >= 1.1.6)
    safe_yaml (1.0.5)
    sanitize_email (2.0.3)
    sass (3.7.4)
      sass-listen (~> 4.0.0)
    sass-listen (4.0.0)
      rb-fsevent (~> 0.9, >= 0.9.4)
      rb-inotify (~> 0.9, >= 0.9.7)
    sass-rails (5.1.0)
      railties (>= 5.2.0)
      sass (~> 3.1)
      sprockets (>= 2.8, < 4.0)
      sprockets-rails (>= 2.0, < 4.0)
      tilt (>= 1.1, < 3)
    sassc (2.4.0)
      ffi (~> 1.9)
    sassc-rails (2.1.2)
      railties (>= 4.0.0)
      sassc (>= 2.0)
      sprockets (> 3.0)
      sprockets-rails
      tilt
    selenium-webdriver (3.142.7)
      childprocess (>= 0.5, < 4.0)
      rubyzip (>= 1.2.2)
    sexp_processor (4.13.0)
    shoulda-matchers (4.0.1)
      activesupport (>= 4.2.0)
    sinatra (2.2.1)
      mustermann (~> 1.0)
      rack (~> 2.2)
      rack-protection (= 2.2.1)
      tilt (~> 2.0)
    spring (2.0.2)
      activesupport (>= 4.2)
    spring-commands-rspec (1.0.4)
      spring (>= 0.9.1)
    sprockets (3.7.2)
      concurrent-ruby (~> 1.0)
      rack (> 1, < 3)
    sprockets-rails (3.2.2)
      actionpack (>= 4.0)
      activesupport (>= 4.0)
      sprockets (>= 3.0.0)
    stackprof (0.2.12)
    stimulus-rails (1.0.4)
      railties (>= 6.0.0)
    sunspot (2.4.0)
      pr_geohash (~> 1.0)
      rsolr (>= 1.1.1, < 3)
    sunspot_rails (2.4.0)
      rails (>= 3)
      sunspot (= 2.4.0)
    sunspot_solr (2.4.0)
    sunspot_test (0.4.1)
      sunspot_rails (>= 2.1.1)
      sunspot_solr
    tagsinput-rails (1.3.5.1)
      railties (>= 3.1)
    temple (0.8.2)
    thin (1.7.2)
      daemons (~> 1.0, >= 1.0.9)
      eventmachine (~> 1.0, >= 1.0.4)
      rack (>= 1, < 3)
    thor (1.2.1)
    thread_safe (0.3.6)
    thumbs_up (0.4.6)
      activerecord
    tilt (2.0.11)
    tinymce-rails (5.10.4)
      railties (>= 3.1.1)
    turbo-rails (1.0.1)
      actionpack (>= 6.0.0)
      railties (>= 6.0.0)
    tzinfo (1.2.10)
      thread_safe (~> 0.1)
    uglifier (4.1.20)
      execjs (>= 0.3.0, < 3)
    unicode-display_width (1.6.0)
    uniform_notifier (1.16.0)
    warden (1.2.8)
      rack (>= 2.0.6)
    webmock (3.7.2)
      addressable (>= 2.3.6)
      crack (>= 0.3.2)
      hashdiff (>= 0.4.0, < 2.0.0)
    websocket-driver (0.7.5)
      websocket-extensions (>= 0.1.0)
    websocket-extensions (0.1.5)
    whenever (1.0.0)
      chronic (>= 0.6.3)
    will-paginate-i18n (0.1.15)
    xpath (3.2.0)
      nokogiri (~> 1.8)
    zeitwerk (2.5.4)

PLATFORMS
  ruby

DEPENDENCIES
  aasm
  actionview-encoded_mail_to
  activerecord-postgis-adapter
  annotate
  better_errors
  binding_of_caller
  bootstrap
  browserify-rails
  bullet
  capybara (= 3.15.1)
  chartkick
  cocoon
  coffee-rails
  database_cleaner
  declarative_authorization!
  devise
  devise-i18n (< 1.5)
  devise_invitable
  dragonfly
  draper
  email_reply_parser
  email_spec
  excon
  factory_bot_rails
  flamegraph
  font-awesome-rails
  foreman
  formtastic
  grape
  grape-kaminari
  grape-swagger
  grape-swagger-rails
  haml-rails
  hotwire-rails
  html2text
  http_accept_language
  icalendar
  jqcloud-rails!
  jquery-rails (~> 4.1.1)
  jquery-ui-rails (~> 5.0.0)
  kaminari
  kaminari-grape
  kaminari-i18n
  launchy
  leaflet-rails (= 0.7.7)
  letter_opener
  lograge
  map_layers
  memory_profiler
  mustache
  nokogiri (>= 1.11.0)
  normalizr
  omniauth
  omniauth-facebook
  omniauth-rails_csrf_protection
  omniauth-twitter
  parallel_tests
  paranoia (~> 2.0)
  pg
  pg_query
  pghero
  progress_bar
  pry
  pry-byebug
  pry-rails
  rack-cache
  rack-cors
  rack-mini-profiler
  rails (~> 6.0)
  rails-controller-testing
  rails-i18n
  rails-observers
  rails_autolink
  rakismet
  ratelimit
  redis (<= 4.5.1)
  resque
  resque-retry
  resque-rollbar
  retryable
  rgeo-geojson
  rollbar
  rspec-collection_matchers
  rspec-rails
  rubocop
  rubocop-rails
  rubocop-rspec
  ruby-prof
  ruby_parser
  sanitize_email
  sass-rails (~> 5.0)
  selenium-webdriver (< 4)
  shoulda-matchers
  spring
  spring-commands-rspec
  sprockets-rails (= 3.2.2)
  stackprof
  sunspot_rails (= 2.4.0)
  sunspot_solr (= 2.4.0)
  sunspot_test
  tagsinput-rails
  thin
  thumbs_up (~> 0.4.6)
  tinymce-rails (< 6)
  uglifier (>= 1.3.0)
  webmock
  whenever
  will-paginate-i18n

BUNDLED WITH
   2.3.15
